GEM
  remote: http://rubygems.org/
  specs:
    activesupport (4.2.4)
      i18n (~> 0.7)
      json (~> 1.7, >= 1.7.7)
      minitest (~> 5.1)
      thread_safe (~> 0.3, >= 0.3.4)
      tzinfo (~> 1.1)
    addressable (2.3.8)
    akami (1.3.1)
      gyoku (>= 0.4.0)
      nokogiri
    bing_translator (4.5.0)
      json (~> 1.8.0)
      nokogiri (~> 1.6.0)
      savon (~> 2.0)
    builder (3.2.2)
    dentaku (2.0.5)
    eventmachine (1.0.8)
    faraday (0.9.2)
      multipart-post (>= 1.2, < 3)
    faraday_middleware (0.9.2)
      faraday (>= 0.7.4, < 0.10)
    faraday_middleware-parse_oj (0.3.0)
      faraday (~> 0.9.0)
      faraday_middleware (~> 0.9.1)
      oj (~> 2.0)
    faye-websocket (0.10.0)
      eventmachine (>= 0.12.0)
      websocket-driver (>= 0.5.1)
    foreman (0.78.0)
      thor (~> 0.19.1)
    geokit (1.10.0)
    giphy (2.0.2)
      faraday (~> 0.9)
      faraday_middleware (~> 0.9)
      faraday_middleware-parse_oj (~> 0.3)
      launchy (~> 2.4)
    google-search (1.0.3)
      json
    gyoku (1.3.1)
      builder (>= 2.1.2)
    hashie (3.4.2)
    httpi (2.4.1)
      rack
    i18n (0.7.0)
    json (1.8.3)
    launchy (2.4.3)
      addressable (~> 2.3)
    levenshtein (0.2.2)
    mini_portile (0.6.2)
    minitest (5.8.1)
    multipart-post (2.0.0)
    nokogiri (1.6.6.2)
      mini_portile (~> 0.6.0)
    nori (2.6.0)
    oj (2.13.0)
    puma (2.14.0)
    rack (1.6.4)
    rack-protection (1.5.3)
      rack
    rake (10.4.2)
    savon (2.11.1)
      akami (~> 1.2)
      builder (>= 2.1.2)
      gyoku (~> 1.2)
      httpi (~> 2.3)
      nokogiri (>= 1.4.0)
      nori (~> 2.4)
      wasabi (~> 3.4)
    sinatra (1.4.6)
      rack (~> 1.4)
      rack-protection (~> 1.4)
      tilt (>= 1.3, < 3)
    slack-ruby-bot (0.4.4)
      activesupport
      giphy (~> 2.0.2)
      hashie
      slack-ruby-client
      websocket-driver (~> 0.5.4)
    slack-ruby-client (0.3.1)
      eventmachine
      faraday
      faraday_middleware
      faye-websocket
    thor (0.19.1)
    thread_safe (0.3.5)
    tilt (2.0.1)
    tzinfo (1.2.2)
      thread_safe (~> 0.1)
    wasabi (3.5.0)
      httpi (~> 2.0)
      nokogiri (>= 1.4.2)
    websocket-driver (0.5.4)
      websocket-extensions (>= 0.1.0)
    websocket-extensions (0.1.2)

PLATFORMS
  ruby

DEPENDENCIES
  bing_translator (~> 4.5.0)
  dentaku
  foreman
  geokit
  google-search
  levenshtein (~> 0.2.2)
  nokogiri
  puma
  rake
  sinatra
  slack-ruby-bot

BUNDLED WITH
   1.10.5
